PATH
  remote: .
  specs:
    admix (0.10.3)
      datagrid
      formtastic
      formtastic-bootstrap
      haml-rails
      inherited_resources
      jquery-rails
      jquery-ui-rails
      mix-rails-auth (= 0.10.3)
      mix-rails-core (= 0.10.3)
      mix-rails-settings (= 0.10.3)
      rails (~> 3.2.9)
      simple_form
      will_paginate_mongoid
    mix-rails (0.10.3)
      admix (= 0.10.3)
      mix-rails-albums (= 0.10.3)
      mix-rails-auth (= 0.10.3)
      mix-rails-core (= 0.10.3)
      mix-rails-message-board (= 0.10.3)
      mix-rails-settings (= 0.10.3)
      mix-rails-songs (= 0.10.3)
      mix-rails-videos (= 0.10.3)
      mix-rails-vouchers (= 0.10.3)
      mix-rails-writer (= 0.10.3)
    mix-rails-albums (0.10.3)
      bson_ext
      carrierwave-mongoid
      haml_coffee_assets
      mini_magick
      mongo
      rails (~> 3.2.9)
    mix-rails-auth (0.10.3)
      cancan
      devise (~> 2.1.2)
      devise-i18n
      mongoid (~> 3.0.15)
      rails (~> 3.2.9)
      will_paginate_mongoid
    mix-rails-core (0.10.3)
      activevalidators
      breadcrumbs
      bson_ext
      cancan
      carrierwave-mongoid
      coffee-filter
      coffee-script
      database_cleaner
      datagrid (~> 0.7.0)
      enumerize
      haml_coffee_assets
      i18n_routing
      jquery-rails
      jquery-ui-rails
      mail_form (~> 1.4.0)
      mini_magick
      mongo
      mongoid
      mongoid_slug
      rails (~> 3.2.9)
      rails-i18n
      rspec-rails
      simple-navigation
      simple-navigation-bootstrap
      simple_form (~> 2.0.0)
      will_paginate_mongoid
    mix-rails-message-board (0.10.3)
      rails (~> 3.2.11)
    mix-rails-settings (0.10.3)
      rails (~> 3.2.9)
    mix-rails-songs (0.10.3)
      rails (~> 3.2.11)
    mix-rails-videos (0.10.3)
      rails (~> 3.2.11)
      simple_youtube (~> 3.0.0)
    mix-rails-vouchers (0.10.3)
      carrierwave-mongoid (~> 0.3.0)
      mail_form (~> 1.4.0)
      rails (~> 3.2.9)
    mix-rails-writer (0.10.3)
      rails (~> 3.2.11)

GEM
  remote: https://rubygems.org/
  specs:
    actionmailer (3.2.11)
      actionpack (= 3.2.11)
      mail (~> 2.4.4)
    actionpack (3.2.11)
      activemodel (= 3.2.11)
      activesupport (= 3.2.11)
      builder (~> 3.0.0)
      erubis (~> 2.7.0)
      journey (~> 1.0.4)
      rack (~> 1.4.0)
      rack-cache (~> 1.2)
      rack-test (~> 0.6.1)
      sprockets (~> 2.2.1)
    activemodel (3.2.11)
      activesupport (= 3.2.11)
      builder (~> 3.0.0)
    activerecord (3.2.11)
      activemodel (= 3.2.11)
      activesupport (= 3.2.11)
      arel (~> 3.0.2)
      tzinfo (~> 0.3.29)
    activeresource (3.2.11)
      activemodel (= 3.2.11)
      activesupport (= 3.2.11)
    activesupport (3.2.11)
      i18n (~> 0.6)
      multi_json (~> 1.0)
    activevalidators (2.0.2)
      activemodel (>= 3.0.0)
      countries (~> 0.8.2)
      date_validator
      mail
      phony (~> 1.7.4)
      rake (>= 0.8.7)
    arel (3.0.2)
    bcrypt-ruby (3.0.1)
    breadcrumbs (0.1.6)
      i18n
    bson (1.8.2)
    bson_ext (1.8.2)
      bson (~> 1.8.2)
    builder (3.0.4)
    cancan (1.6.8)
    carrierwave (0.7.1)
      activemodel (>= 3.2.0)
      activesupport (>= 3.2.0)
    carrierwave-mongoid (0.3.1)
      carrierwave (~> 0.7.1)
      mongoid (~> 3.0)
      mongoid-grid_fs (~> 1.3)
    coffee-filter (0.1.1)
      coffee-script (>= 2.2.0)
      haml (>= 3.0.18)
    coffee-script (2.2.0)
      coffee-script-source
      execjs
    coffee-script-source (1.4.0)
    countries (0.8.4)
      currencies (>= 0.4.0)
    currencies (0.4.0)
    database_cleaner (0.9.1)
    datagrid (0.7.1)
      rails (>= 3.0)
    date_validator (0.6.3)
      activemodel (~> 3.0)
    devise (2.1.2)
      bcrypt-ruby (~> 3.0)
      orm_adapter (~> 0.1)
      railties (~> 3.1)
      warden (~> 1.2.1)
    devise-i18n (0.5.12)
    diff-lcs (1.1.3)
    enumerize (0.5.1)
      activesupport (>= 3.2)
    erubis (2.7.0)
    execjs (1.4.0)
      multi_json (~> 1.0)
    formtastic (2.2.1)
      actionpack (>= 3.0)
    formtastic-bootstrap (2.0.0)
      formtastic (~> 2.2)
      formtastic-bootstrap
    haml (3.1.7)
    haml-rails (0.3.5)
      actionpack (>= 3.1, < 4.1)
      activesupport (>= 3.1, < 4.1)
      haml (~> 3.1)
      railties (>= 3.1, < 4.1)
    haml_coffee_assets (1.11.0)
      coffee-script (>= 1.0.0)
      sprockets (>= 2.0.3)
      tilt (>= 1.3.3)
    has_scope (0.5.1)
    hike (1.2.1)
    i18n (0.6.1)
    i18n_routing (0.6.2)
      i18n (> 0.3.5)
    inherited_resources (1.3.1)
      has_scope (~> 0.5.0)
      responders (~> 0.6)
    journey (1.0.4)
    jquery-rails (2.2.0)
      railties (>= 3.0, < 5.0)
      thor (>= 0.14, < 2.0)
    jquery-ui-rails (3.0.1)
      jquery-rails
      railties (>= 3.1.0)
    json (1.7.6)
    mail (2.4.4)
      i18n (>= 0.4.0)
      mime-types (~> 1.16)
      treetop (~> 1.4.8)
    mail_form (1.4.1)
      actionmailer (~> 3.0)
    mime-types (1.19)
    mini_magick (3.4)
      subexec (~> 0.2.1)
    mongo (1.8.2)
      bson (~> 1.8.2)
    mongoid (3.0.18)
      activemodel (~> 3.1)
      moped (~> 1.2)
      origin (~> 1.0)
      tzinfo (~> 0.3.22)
    mongoid-grid_fs (1.7.0)
      mime-types (~> 1.19)
      mongoid (~> 3.0)
    mongoid_slug (2.0.1)
      mongoid (~> 3.0)
      stringex (~> 1.4)
    moped (1.3.2)
    multi_json (1.5.0)
    oauth (0.4.7)
    origin (1.0.11)
    orm_adapter (0.4.0)
    phony (1.7.12)
    polyglot (0.3.3)
    rack (1.4.4)
    rack-cache (1.2)
      rack (>= 0.4)
    rack-ssl (1.3.2)
      rack
    rack-test (0.6.2)
      rack (>= 1.0)
    rails (3.2.11)
      actionmailer (= 3.2.11)
      actionpack (= 3.2.11)
      activerecord (= 3.2.11)
      activeresource (= 3.2.11)
      activesupport (= 3.2.11)
      bundler (~> 1.0)
      railties (= 3.2.11)
    rails-i18n (0.7.2)
      i18n (~> 0.5)
    railties (3.2.11)
      actionpack (= 3.2.11)
      activesupport (= 3.2.11)
      rack-ssl (~> 1.3.2)
      rake (>= 0.8.7)
      rdoc (~> 3.4)
      thor (>= 0.14.6, < 2.0)
    rake (10.0.3)
    rdoc (3.12)
      json (~> 1.4)
    responders (0.9.3)
      railties (~> 3.1)
    rspec-core (2.12.2)
    rspec-expectations (2.12.1)
      diff-lcs (~> 1.1.3)
    rspec-mocks (2.12.1)
    rspec-rails (2.12.2)
      actionpack (>= 3.0)
      activesupport (>= 3.0)
      railties (>= 3.0)
      rspec-core (~> 2.12.0)
      rspec-expectations (~> 2.12.0)
      rspec-mocks (~> 2.12.0)
    simple-navigation (3.9.0)
      activesupport (>= 2.3.2)
    simple-navigation-bootstrap (0.0.4)
      simple-navigation (>= 3.7.0)
    simple_form (2.0.4)
      actionpack (~> 3.0)
      activemodel (~> 3.0)
    simple_youtube (3.0.0)
      activeresource (~> 3.1)
      oauth (~> 0.4)
    sprockets (2.2.2)
      hike (~> 1.2)
      multi_json (~> 1.0)
      rack (~> 1.0)
      tilt (~> 1.1, != 1.3.0)
    stringex (1.5.1)
    subexec (0.2.2)
    thor (0.16.0)
    tilt (1.3.3)
    treetop (1.4.12)
      polyglot
      polyglot (>= 0.3.1)
    tzinfo (0.3.35)
    warden (1.2.1)
      rack (>= 1.0)
    will_paginate (3.0.4)
    will_paginate_mongoid (1.1.0)
      mongoid (>= 2.4)
      will_paginate (~> 3.0)

PLATFORMS
  ruby

DEPENDENCIES
  admix
  mix-rails!
  mix-rails-albums
  mix-rails-auth
  mix-rails-core
  mix-rails-message-board
  mix-rails-settings
  mix-rails-songs
  mix-rails-videos
  mix-rails-vouchers
  mix-rails-writer
